GEM
  remote: https://rubygems.org/
  specs:
    colorize (0.5.8)
    hirb (0.7.1)
    hoe (3.7.1)
      rake (>= 0.8, < 11.0)
    minitest (5.0.8)
    minitest-debugger (1.0.2)
      minitest (~> 5.0)
    multi_json (1.8.0)
    rake (10.1.0)
    simplecov (0.7.1)
      multi_json (~> 1.0)
      simplecov-html (~> 0.7.1)
    simplecov-console (0.1.1)
      colorize
      hirb
      simplecov
    simplecov-html (0.7.1)

PLATFORMS
  ruby

DEPENDENCIES
  hoe
  minitest (~> 5)
  minitest-debugger
  simplecov
  simplecov-console
  simplecov-html
