GEM
  remote: https://rubygems.org/
  specs:
    colorize (0.5.8)
    fakefs (0.4.3)
    hirb (0.7.1)
    hoe (3.7.1)
      rake (>= 0.8, < 11.0)
    minitest (5.0.8)
    multi_json (1.8.0)
    rake (10.1.0)
    simplecov (0.7.1)
      multi_json (~> 1.0)
      simplecov-html (~> 0.7.1)
    simplecov-console (0.1.1)
      colorize
      hirb
      simplecov
    simplecov-html (0.7.1)

PLATFORMS
  ruby

DEPENDENCIES
  fakefs
  hoe
  minitest (~> 5)
  simplecov
  simplecov-console
